GEM
  remote: http://rubygems.org/
  specs:
    opengl (0.9.2)

PLATFORMS
  ruby

DEPENDENCIES
  opengl (~> 0.9.2)

BUNDLED WITH
   1.10.6
