GEM
  remote: http://rubygems.org/
  specs:
    coderay (1.1.0)
    gosu (0.10.4)
    method_source (0.8.2)
    pry (0.10.3)
      coderay (~> 1.1.0)
      method_source (~> 0.8.1)
      slop (~> 3.4)
    slop (3.6.0)
    texplay (0.4.3)
      gosu (>= 0.7.25)

PLATFORMS
  ruby

DEPENDENCIES
  gosu
  pry
  texplay

BUNDLED WITH
   1.10.6
